GEM
  remote: https://rubygems.org/
  specs:
    addressable (2.3.8)
    domain_name (0.5.20190701)
      unf (>= 0.0.5, < 1.0.0)
    faraday (0.9.2)
      multipart-post (>= 1.2, < 3)
    http-cookie (1.0.3)
      domain_name (~> 0.5)
    jgrep (1.5.0)
    json (2.3.0)
    mime-types (2.99.3)
    minitest (5.11.3)
    multipart-post (2.0.0)
    netrc (0.11.0)
    octokit (3.8.0)
      sawyer (~> 0.6.0, >= 0.5.3)
    rack (1.6.12)
    rack-protection (1.5.5)
      rack
    rake (12.3.3)
    rest-client (1.8.0)
      http-cookie (>= 1.0.2, < 2.0)
      mime-types (>= 1.16, < 3.0)
      netrc (~> 0.7)
    retriable (1.4.1)
    sawyer (0.6.0)
      addressable (~> 2.3.5)
      faraday (~> 0.8, < 0.10)
    sentry-raven (2.7.4)
      faraday (>= 0.7.6, < 1.0)
    sinatra (1.4.8)
      rack (~> 1.5)
      rack-protection (~> 1.4)
      tilt (>= 1.3, < 3)
    tilt (2.0.8)
    unf (0.1.4)
      unf_ext
    unf_ext (0.0.7.6)

PLATFORMS
  ruby

DEPENDENCIES
  jgrep
  json (~> 2.3)
  minitest
  octokit (~> 3.0)
  rack (>= 1.5.2)
  rake
  rest-client (~> 1.8.0)
  retriable (~> 1.0)
  sentry-raven
  sinatra (~> 1.4)

BUNDLED WITH
   1.13.7
