GEM
  remote: https://rubygems.org/
  specs:
    addressable (2.3.8)
    faraday (0.9.2)
      multipart-post (>= 1.2, < 3)
    jgrep (1.5.0)
    json (1.8.6)
    mime-types (2.99.3)
    minitest (5.10.3)
    multipart-post (2.0.0)
    netrc (0.11.0)
    octokit (3.8.0)
      sawyer (~> 0.6.0, >= 0.5.3)
    rack (1.6.8)
    rack-protection (1.5.3)
      rack
    rake (12.2.1)
    rest-client (1.7.3)
      mime-types (>= 1.16, < 3.0)
      netrc (~> 0.7)
    retriable (1.4.1)
    sawyer (0.6.0)
      addressable (~> 2.3.5)
      faraday (~> 0.8, < 0.10)
    sinatra (1.4.8)
      rack (~> 1.5)
      rack-protection (~> 1.4)
      tilt (>= 1.3, < 3)
    tilt (2.0.8)

PLATFORMS
  ruby

DEPENDENCIES
  jgrep
  json (~> 1.0)
  minitest
  octokit (~> 3.0)
  rack (>= 1.5.2)
  rake
  rest-client (~> 1.7.0)
  retriable (~> 1.0)
  sinatra (~> 1.4)

BUNDLED WITH
   1.12.5
